GEM
  remote: https://rubygems.org/
  specs:
    activemodel (3.0.20)
      activesupport (= 3.0.20)
      builder (~> 2.1.2)
      i18n (~> 0.5.0)
    activesupport (3.0.20)
    atomic (1.0.1)
    avl_tree (1.1.3)
    bson (1.12.5)
    bson_ext (1.12.5)
      bson (~> 1.12.5)
    builder (2.1.2)
    choices (0.2.4)
      hashie (>= 0.4.0)
    compass (0.10.6)
      haml (>= 3.0.4)
    dalli (2.0.3)
    erubis (2.7.0)
    faraday (0.8.0)
      multipart-post (~> 1.1)
    faraday_middleware (0.8.7)
      faraday (>= 0.7.4, < 0.9)
    haml (3.0.25)
    hashie (1.1.0)
    hitimes (1.2.0)
    i18n (0.5.0)
    kgio (2.9.2)
    metriks (0.9.9.4)
      atomic (~> 1.0)
      avl_tree (~> 1.1.2)
      hitimes (~> 1.1)
    metriks-middleware (2.0.0)
      metriks (~> 0.9.9)
    mingo (0.6.0)
      mongo (>= 1.3, < 2.0)
    mongo (1.12.5)
      bson (= 1.12.5)
    multipart-post (1.1.5)
    mustermann (1.0.2)
    never-forget (0.1.2)
      activesupport
      erubis
      mingo (>= 0.2)
      rack
    rack (2.0.5)
    rack-cache (1.2)
      rack (>= 0.4)
    rack-protection (2.0.3)
      rack
    raindrops (0.13.0)
    rake (12.3.3)
    sinatra (2.0.3)
      mustermann (~> 1.0)
      rack (~> 2.0)
      rack-protection (= 2.0.3)
      tilt (~> 2.0)
    tilt (2.0.8)
    unicorn (4.8.3)
      kgio (~> 2.6)
      rack
      raindrops (~> 0.7)
    will_paginate (3.0.0)

PLATFORMS
  ruby

DEPENDENCIES
  activemodel
  activesupport (~> 3.0.5)
  bson_ext
  builder
  choices
  compass
  dalli
  faraday_middleware
  haml
  i18n
  metriks-middleware
  mingo (~> 0.4)
  mongo (~> 1.12.0)
  never-forget
  rack-cache
  rake
  sinatra
  unicorn
  will_paginate (~> 3.0.0)

RUBY VERSION
   ruby 2.3.7p456

BUNDLED WITH
   1.16.3
